GEM
  remote: https://rubygems.org/
  specs:
    dogstatsd-ruby (1.6.0)

PLATFORMS
  ruby

DEPENDENCIES
  dogstatsd-ruby

BUNDLED WITH
   1.11.2
